GEM
  remote: http://rubygems.org/
  specs:
    backports (1.18.1)
    json (1.4.3)
    mime-types (1.16)
    rack (1.2.1)
    redis (2.0.5)
    rest-client (1.6.0)
      mime-types (>= 1.16)
    restfully (0.5.10)
      backports
      json (>= 1.2.0)
      rest-client (>= 1.4)
    sinatra (1.0)
      rack (>= 1.0)

PLATFORMS
  ruby

DEPENDENCIES
  redis
  restfully
  sinatra
